GEM
  remote: http://rubygems.org/
  specs:
    builder (3.0.0)
    flexmock (0.8.11)
    git (1.2.5)
    i18n (0.6.0)
    jeweler (1.5.2)
      bundler (~> 1.0.0)
      git (>= 1.2.5)
      rake
    mail (2.3.0)
      i18n (>= 0.4.0)
      mime-types (~> 1.16)
      treetop (~> 1.4.8)
    mime-types (1.16)
    polyglot (0.3.1)
    rake (0.8.7)
    rcov (0.9.9)
    shoulda-context (1.0.0.beta1)
    treetop (1.4.9)
      polyglot (>= 0.3.1)
    xml-simple (1.0.13)

PLATFORMS
  ruby

DEPENDENCIES
  builder
  bundler (~> 1.0.0)
  flexmock (~> 0.8.11)
  jeweler (~> 1.5.2)
  mail (~> 2.3)
  mime-types
  rcov
  shoulda-context
  xml-simple
